GEM
  remote: https://rubygems.org/
  specs:
    bigdecimal (3.2.2)
    chunky_png (1.4.0)
    climate_control (0.2.0)
    cocaine (0.6.0)
      terrapin (= 0.6.0)
    concurrent-ruby (1.3.5)
    dotenv (3.1.8)
    dry-core (1.1.0)
      concurrent-ruby (~> 1.0)
      logger
      zeitwerk (~> 2.6)
    dry-inflector (1.2.0)
    dry-logic (1.6.0)
      bigdecimal
      concurrent-ruby (~> 1.0)
      dry-core (~> 1.1)
      zeitwerk (~> 2.6)
    dry-struct (1.8.0)
      dry-core (~> 1.1)
      dry-types (~> 1.8, >= 1.8.2)
      ice_nine (~> 0.11)
      zeitwerk (~> 2.6)
    dry-types (1.8.3)
      bigdecimal (~> 3.0)
      concurrent-ruby (~> 1.0)
      dry-core (~> 1.0)
      dry-inflector (~> 1.0)
      dry-logic (~> 1.4)
      zeitwerk (~> 2.6)
    faraday (2.13.4)
      faraday-net_http (>= 2.0, < 3.5)
      json
      logger
    faraday-multipart (1.1.1)
      multipart-post (~> 2.0)
    faraday-net_http (3.4.1)
      net-http (>= 0.5.0)
    faraday-retry (2.3.2)
      faraday (~> 2.0)
    ffi (1.17.2-x64-mingw-ucrt)
    ice_nine (0.11.2)
    image_processing (1.14.0)
      mini_magick (>= 4.9.5, < 6)
      ruby-vips (>= 2.0.17, < 3)
    json (2.13.1)
    logger (1.7.0)
    mini_magick (5.3.0)
      logger
    multi_json (1.17.0)
    multipart-post (2.4.1)
    net-http (0.6.0)
      uri
    remove_bg (2.2.0)
      faraday (>= 2, <= 3)
      faraday-multipart (~> 1.0)
      faraday-retry (~> 2.2)
      image_processing (~> 1.12)
      rubyzip (>= 2.0, < 3)
    rqrcode (3.1.0)
      chunky_png (~> 1.0)
      rqrcode_core (~> 2.0)
    rqrcode_core (2.0.0)
    rqrcode_png (0.1.5)
      chunky_png
      rqrcode
    ruby-vips (2.2.4)
      ffi (~> 1.12)
      logger
    rubyzip (2.4.1)
    streamio-ffmpeg (3.0.2)
      multi_json (~> 1.8)
    telegram-bot-ruby (2.4.0)
      dry-struct (~> 1.6)
      faraday (~> 2.0)
      faraday-multipart (~> 1.0)
      zeitwerk (~> 2.6)
    terrapin (0.6.0)
      climate_control (>= 0.0.3, < 1.0)
    uri (1.0.3)
    youtube-dl.rb (0.3.1.2016.09.11.1)
      cocaine (>= 0.5.4)
    zeitwerk (2.7.3)

PLATFORMS
  x64-mingw-ucrt

DEPENDENCIES
  dotenv
  faraday
  mini_magick
  remove_bg
  rqrcode
  rqrcode_png
  streamio-ffmpeg
  telegram-bot-ruby
  youtube-dl.rb

BUNDLED WITH
   2.6.9
